GEM
  remote: http://rubygems.org/
  specs:
    addressable (2.2.8)
    adsf (1.1.1)
      rack (>= 1.0.0)
    chunky_png (1.2.5)
    colored (1.2)
    compass (0.12.2)
      chunky_png (~> 1.2)
      fssm (>= 0.2.7)
      sass (~> 3.1)
    cri (2.3.0)
      colored (>= 1.2)
    excon (0.15.4)
    fssm (0.2.9)
    haml (3.1.6)
    heroku (2.29.0)
      heroku-api (~> 0.2.13)
      launchy (>= 0.3.2)
      netrc (~> 0.7.5)
      rest-client (~> 1.6.1)
      rubyzip
    heroku-api (0.2.13)
      excon (~> 0.15.4)
    kramdown (0.13.7)
    launchy (2.1.0)
      addressable (~> 2.2.6)
    mime-types (1.19)
    nanoc (3.4.0)
      cri (~> 2.2)
    netrc (0.7.5)
    rack (1.4.1)
    rack-contrib (1.1.0)
      rack (>= 0.9.1)
    rake (0.9.2.2)
    rest-client (1.6.7)
      mime-types (>= 1.16)
    rubyzip (0.9.9)
    sass (3.2.0.alpha.275)
    zurb-foundation (3.0.6)
      compass (>= 0.12.2)
      rake
      sass (>= 3.2.0.alpha.244)

PLATFORMS
  ruby

DEPENDENCIES
  adsf
  compass
  haml
  heroku
  kramdown
  mime-types
  nanoc
  rack-contrib
  sass
  zurb-foundation (~> 3.0.6)
